PATH
  remote: .
  specs:
    convergence-rails (0.1.0)
      convergence

GEM
  remote: https://rubygems.org/
  specs:
    convergence (1.0.4)
      diff-lcs
      diffy
      mysql2
      thor (~> 0.20)
    diff-lcs (1.4.4)
    diffy (3.4.0)
    mysql2 (0.5.3)
    rake (13.0.3)
    rspec (3.10.0)
      rspec-core (~> 3.10.0)
      rspec-expectations (~> 3.10.0)
      rspec-mocks (~> 3.10.0)
    rspec-core (3.10.1)
      rspec-support (~> 3.10.0)
    rspec-expectations (3.10.1)
      diff-lcs (>= 1.2.0, < 2.0)
      rspec-support (~> 3.10.0)
    rspec-mocks (3.10.1)
      diff-lcs (>= 1.2.0, < 2.0)
      rspec-support (~> 3.10.0)
    rspec-support (3.10.1)
    thor (0.20.3)

PLATFORMS
  ruby

DEPENDENCIES
  bundler
  convergence-rails!
  rake
  rspec

BUNDLED WITH
   1.17.1
