PATH
  remote: .
  specs:
    convergence-rails (0.3.0)
      convergence (>= 1.0.0)

GEM
  remote: https://rubygems.org/
  specs:
    convergence (1.0.5)
      diff-lcs
      diffy
      mysql2
      thor
    diff-lcs (1.4.4)
    diffy (3.4.0)
    mysql2 (0.5.3)
    rake (13.0.3)
    rspec (3.10.0)
      rspec-core (~> 3.10.0)
      rspec-expectations (~> 3.10.0)
      rspec-mocks (~> 3.10.0)
    rspec-core (3.10.1)
      rspec-support (~> 3.10.0)
    rspec-expectations (3.10.1)
      diff-lcs (>= 1.2.0, < 2.0)
      rspec-support (~> 3.10.0)
    rspec-mocks (3.10.1)
      diff-lcs (>= 1.2.0, < 2.0)
      rspec-support (~> 3.10.0)
    rspec-support (3.10.1)
    thor (1.0.1)

PLATFORMS
  ruby

DEPENDENCIES
  bundler (~> 1.16)
  convergence-rails!
  rake (~> 13.0)
  rspec (~> 3.0)

BUNDLED WITH
   1.17.1
